GEM
  remote: https://rubygems.org/
  specs:
    faraday (0.8.8)
      multipart-post (~> 1.2.0)
    multipart-post (1.2.0)
    rotp (1.6.1)
    rsa (0.1.4)

PLATFORMS
  ruby

DEPENDENCIES
  faraday
  rotp
  rsa
